GEM
  remote: https://rubygems.org/
  specs:
    addressable (2.5.1)
      public_suffix (~> 2.0, >= 2.0.2)
    ast (2.3.0)
    audio-playback (0.0.8)
      ffi-libc (~> 0.1, >= 0.1.0)
      ffi-portaudio (~> 0.1, >= 0.1.2)
      ruby-audio (~> 1.6, >= 1.6.1)
    chronic (0.10.2)
    crack (0.4.3)
      safe_yaml (~> 1.0.0)
    diff-lcs (1.3)
    ffi (1.9.18)
    ffi-libc (0.1.0)
      ffi (~> 1.0)
    ffi-portaudio (0.1.2)
      ffi
    hashdiff (0.3.5)
    parallel (1.12.0)
    parser (2.4.0.0)
      ast (~> 2.2)
    powerpack (0.1.1)
    public_suffix (2.0.5)
    rainbow (2.2.2)
      rake
    rake (12.0.0)
    rspec (3.6.0)
      rspec-core (~> 3.6.0)
      rspec-expectations (~> 3.6.0)
      rspec-mocks (~> 3.6.0)
    rspec-core (3.6.0)
      rspec-support (~> 3.6.0)
    rspec-expectations (3.6.0)
      diff-lcs (>= 1.2.0, < 2.0)
      rspec-support (~> 3.6.0)
    rspec-mocks (3.6.0)
      diff-lcs (>= 1.2.0, < 2.0)
      rspec-support (~> 3.6.0)
    rspec-support (3.6.0)
    rubocop (0.49.1)
      parallel (~> 1.10)
      parser (>= 2.3.3.1, < 3.0)
      powerpack (~> 0.1)
      rainbow (>= 1.99.1, < 3.0)
      ruby-progressbar (~> 1.7)
      unicode-display_width (~> 1.0, >= 1.0.1)
    ruby-audio (1.6.1)
    ruby-progressbar (1.8.1)
    safe_yaml (1.0.4)
    timecop (0.9.1)
    unicode-display_width (1.3.0)
    webmock (3.0.1)
      addressable (>= 2.3.6)
      crack (>= 0.3.2)
      hashdiff
    whenever (0.9.7)
      chronic (>= 0.6.3)

PLATFORMS
  ruby

DEPENDENCIES
  audio-playback (~> 0.0)
  rspec
  rubocop (~> 0.49)
  timecop
  webmock
  whenever (~> 0.9)

BUNDLED WITH
   1.15.3
